PATH
  remote: .
  specs:
    smashing (1.3.7.pre)
      coffee-script (~> 2.4)
      execjs (~> 2.7)
      rack (>= 2.2, < 4.0)
      rufus-scheduler (~> 3.6)
      sassc (~> 2.0)
      sinatra (~> 2.2)
      sinatra-contrib (~> 2.0)
      sprockets (~> 4.0)
      thin (~> 1.7)
      thor (~> 1.0)

GEM
  remote: https://rubygems.org/
  specs:
    coffee-script (2.4.1)
      coffee-script-source
      execjs
    coffee-script-source (1.12.2)
    concurrent-ruby (1.1.10)
    daemons (1.4.1)
    docile (1.1.5)
    et-orbi (1.2.7)
      tzinfo
    eventmachine (1.2.7)
    execjs (2.8.1)
    fakeweb (1.3.0)
    ffi (1.15.5)
    fugit (1.8.1)
      et-orbi (~> 1, >= 1.2.7)
      raabro (~> 1.4)
    haml (5.0.4)
      temple (>= 0.8.0)
      tilt
    json (2.6.1)
    metaclass (0.0.4)
    minitest (5.10.3)
    mocha (1.2.1)
      metaclass (~> 0.0.1)
    multi_json (1.15.0)
    mustermann (2.0.2)
      ruby2_keywords (~> 0.0.1)
    raabro (1.4.0)
    rack (2.2.9)
    rack-protection (2.2.4)
      rack
    rack-test (0.6.3)
      rack (>= 1.0)
    rake (12.3.3)
    ruby2_keywords (0.0.5)
    rufus-scheduler (3.8.2)
      fugit (~> 1.1, >= 1.1.6)
    sassc (2.4.0)
      ffi (~> 1.9)
    simplecov (0.14.1)
      docile (~> 1.1.0)
      json (>= 1.8, < 3)
      simplecov-html (~> 0.10.0)
    simplecov-html (0.10.2)
    sinatra (2.2.4)
      mustermann (~> 2.0)
      rack (~> 2.2)
      rack-protection (= 2.2.4)
      tilt (~> 2.0)
    sinatra-contrib (2.2.4)
      multi_json
      mustermann (~> 2.0)
      rack-protection (= 2.2.4)
      sinatra (= 2.2.4)
      tilt (~> 2.0)
    sprockets (4.2.0)
      concurrent-ruby (~> 1.0)
      rack (>= 2.2.4, < 4)
    temple (0.8.2)
    thin (1.8.1)
      daemons (~> 1.0, >= 1.0.9)
      eventmachine (~> 1.0, >= 1.0.4)
      rack (>= 1, < 3)
    thor (1.2.1)
    tilt (2.0.10)
    tzinfo (2.0.5)
      concurrent-ruby (~> 1.0)

PLATFORMS
  ruby

DEPENDENCIES
  fakeweb (~> 1.3.0)
  haml (~> 5.0.1)
  minitest (~> 5.10.2)
  mocha (~> 1.2.1)
  rack-test (~> 0.6.3)
  rake (~> 12.3.3)
  simplecov (~> 0.14.1)
  smashing!

BUNDLED WITH
   2.1.2
